GEM
  remote: https://rubygems.org/
  specs:
    RedCloth (4.2.9)
    aws-sdk-v1 (1.64.0)
      json (~> 1.4)
      nokogiri (>= 1.4.4)
    blankslate (2.1.2.4)
    celluloid (0.16.0)
      timers (~> 4.0.0)
    chunky_png (1.3.4)
    classifier-reborn (2.0.3)
      fast-stemmer (~> 1.0)
    coffee-script (2.4.1)
      coffee-script-source
      execjs
    coffee-script-source (1.9.1.1)
    colorator (0.1)
    compass (0.12.7)
      chunky_png (~> 1.2)
      fssm (>= 0.2.7)
      sass (~> 3.2.19)
    dotenv (2.0.2)
    execjs (2.5.2)
    fast-stemmer (1.0.2)
    ffi (1.9.10)
    fssm (0.2.10)
    haml (4.0.6)
      tilt
    hitimes (1.2.2)
    jekyll (2.5.3)
      classifier-reborn (~> 2.0)
      colorator (~> 0.1)
      jekyll-coffeescript (~> 1.0)
      jekyll-gist (~> 1.0)
      jekyll-paginate (~> 1.0)
      jekyll-sass-converter (~> 1.0)
      jekyll-watch (~> 1.1)
      kramdown (~> 1.3)
      liquid (~> 2.6.1)
      mercenary (~> 0.3.3)
      pygments.rb (~> 0.6.0)
      redcarpet (~> 3.1)
      safe_yaml (~> 1.0)
      toml (~> 0.1.0)
    jekyll-coffeescript (1.0.1)
      coffee-script (~> 2.2)
    jekyll-date-format (1.0.1)
      jekyll (>= 1.0.0)
    jekyll-gist (1.2.1)
    jekyll-page-hooks (1.3.1)
      jekyll (>= 2.0.0)
    jekyll-paginate (1.1.0)
    jekyll-sass-converter (1.3.0)
      sass (~> 3.2)
    jekyll-sitemap (0.8.1)
    jekyll-watch (1.2.1)
      listen (~> 2.7)
    json (1.8.3)
    kramdown (1.8.0)
    liquid (2.6.2)
    listen (2.10.1)
      celluloid (~> 0.16.0)
      rb-fsevent (>= 0.9.3)
      rb-inotify (>= 0.9)
    mercenary (0.3.5)
    mini_portile (0.6.2)
    nokogiri (1.6.6.2)
      mini_portile (~> 0.6.0)
    octopress (3.0.9)
      jekyll (>= 2.0)
      mercenary (~> 0.3.2)
      octopress-deploy
      octopress-escape-code (~> 2.0)
      octopress-hooks (~> 2.0)
      redcarpet (~> 3.0)
      titlecase
    octopress-date-format (3.0.3)
      jekyll (>= 2.0)
    octopress-deploy (1.3.0)
      colorator
    octopress-escape-code (2.0.6)
      octopress-hooks (~> 2.0)
    octopress-hooks (2.6.1)
      jekyll (>= 2.0)
    parslet (1.5.0)
      blankslate (~> 2.0)
    posix-spawn (0.3.11)
    pygments.rb (0.6.3)
      posix-spawn (~> 0.3.6)
      yajl-ruby (~> 1.2.0)
    rack (1.6.4)
    rack-protection (1.5.3)
      rack
    rake (10.4.2)
    rb-fsevent (0.9.5)
    rb-inotify (0.9.5)
      ffi (>= 0.5.0)
    rdiscount (2.1.8)
    redcarpet (3.3.2)
    rubypants (0.2.0)
    safe_yaml (1.0.4)
    sass (3.2.19)
    sass-globbing (1.0.0)
      sass (>= 3.1)
    sinatra (1.4.6)
      rack (~> 1.4)
      rack-protection (~> 1.4)
      tilt (>= 1.3, < 3)
    stringex (1.4.0)
    tilt (2.0.1)
    timers (4.0.1)
      hitimes
    titlecase (0.1.1)
    toml (0.1.2)
      parslet (~> 1.5.0)
    yajl-ruby (1.2.1)

PLATFORMS
  ruby

DEPENDENCIES
  RedCloth (~> 4.2.9)
  aws-sdk-v1
  compass (~> 0.12.2)
  dotenv
  haml (~> 4.0)
  jekyll (~> 2.0)
  jekyll-date-format (~> 1.0)
  jekyll-page-hooks (~> 1.2)
  jekyll-sitemap
  octopress (~> 3.0)
  octopress-date-format
  rake (~> 10.0)
  rb-fsevent (~> 0.9)
  rdiscount (~> 2.0)
  rubypants (~> 0.2.0)
  sass-globbing (~> 1.0.0)
  sinatra (~> 1.4.2)
  stringex (~> 1.4.0)

BUNDLED WITH
   1.10.4
